GEM
  remote: http://ruby.taobao.org/
  specs:
    daemons (1.1.8)
    eventmachine (0.12.10)
    http_parser.rb (0.5.3)
    multi_json (1.3.5)
    simple_oauth (0.1.8)
    tweetstream (1.1.5)
      daemons (~> 1.1)
      multi_json (~> 1.3)
      twitter-stream (>= 0.1.14, < 1)
    twitter-stream (0.1.15)
      eventmachine (>= 0.12.8)
      http_parser.rb (~> 0.5.1)
      simple_oauth (~> 0.1.4)
    yajl-ruby (1.1.0)

PLATFORMS
  ruby

DEPENDENCIES
  tweetstream
  yajl-ruby
