GEM
  remote: http://ruby.taobao.org/
  specs:
    daemons (1.1.8)
    eventmachine (0.12.10)
    hashie (0.3.1)
    http_parser.rb (0.5.3)
    httparty (0.8.1)
      multi_json
      multi_xml
    multi_json (1.3.5)
    multi_xml (0.4.1)
    oauth (0.4.2)
    simple_oauth (0.1.8)
    tweetstream (1.1.5)
      daemons (~> 1.1)
      multi_json (~> 1.3)
      twitter-stream (>= 0.1.14, < 1)
    twitter-stream (0.1.15)
      eventmachine (>= 0.12.8)
      http_parser.rb (~> 0.5.1)
      simple_oauth (~> 0.1.4)
    weibo (0.0.2)
      hashie
      httparty (>= 0.5.2)
      oauth (~> 0.4.1)
    yajl-ruby (1.1.0)

PLATFORMS
  ruby

DEPENDENCIES
  oauth
  tweetstream
  weibo
  yajl-ruby
