GEM
  remote: http://rubygems.org/
  specs:
    crack (0.1.8)
    haml (3.0.17)
    hashie (0.3.1)
    httparty (0.6.1)
      crack (= 0.1.8)
    json (1.4.6)
    oauth (0.4.2)
    rack (1.2.1)
    sinatra (1.0)
      rack (>= 1.0)
    weibo (0.0.2)
      hashie
      httparty (>= 0.5.2)
      oauth (~> 0.4.1)

PLATFORMS
  ruby

DEPENDENCIES
  haml
  json
  oauth
  sinatra
  weibo
